GIT
  remote: https://github.com/lorennorman/guard-cucumber
  revision: 05bf321afdcfd07c0b3e06de138b5fa4da3947b8
  specs:
    guard-cucumber (0.3.0)
      cucumber (~> 0.10.0)
      guard (~> 0.3.0)

GEM
  remote: http://rubygems.org/
  specs:
    builder (3.0.0)
    coffee-script (2.2.0)
      coffee-script-source
      execjs
    coffee-script-source (1.0.1)
    cucumber (0.10.2)
      builder (>= 2.1.2)
      diff-lcs (>= 1.1.2)
      gherkin (>= 2.3.5)
      json (>= 1.4.6)
      term-ansicolor (>= 1.0.5)
    diff-lcs (1.1.2)
    execjs (0.2.0)
    gherkin (2.3.6)
      json (>= 1.4.6)
    growl (1.0.3)
    guard (0.3.4)
      thor (~> 0.14.6)
    guard-pow (0.1.0)
      guard (>= 0.3.0)
    guard-rspec (0.3.0)
      guard (>= 0.2.2)
    guard-spork (0.1.10)
      guard (>= 0.2.2)
      spork (>= 0.8.4)
    haml (3.1.1)
    json (1.5.1)
    nokogiri (1.4.4)
    rack (1.2.2)
    rack-test (0.5.7)
      rack (>= 1.0)
    rb-fsevent (0.4.0)
    rspec (2.5.0)
      rspec-core (~> 2.5.0)
      rspec-expectations (~> 2.5.0)
      rspec-mocks (~> 2.5.0)
    rspec-core (2.5.1)
    rspec-expectations (2.5.0)
      diff-lcs (~> 1.1.2)
    rspec-mocks (2.5.0)
    sass (3.1.1)
    sinatra (1.2.3)
      rack (~> 1.1)
      tilt (< 2.0, >= 1.2.2)
    spork (0.9.0.rc5)
    term-ansicolor (1.0.5)
    thor (0.14.6)
    tilt (1.2.2)
    webrat (0.7.3)
      nokogiri (>= 1.2.0)
      rack (>= 1.0)
      rack-test (>= 0.5.3)

PLATFORMS
  ruby

DEPENDENCIES
  coffee-script
  cucumber (~> 0.10)
  growl
  guard
  guard-cucumber!
  guard-pow
  guard-rspec
  guard-spork
  haml
  rack-test
  rb-fsevent
  rspec (~> 2.0)
  sass
  sinatra
  spork (~> 0.9.0.rc)
  webrat
